GEM
  remote: https://rubygems.org/
  specs:
    net-scp (1.2.1)
      net-ssh (>= 2.6.5)
    net-ssh (3.0.1)
    thor (0.19.1)

PLATFORMS
  ruby

DEPENDENCIES
  net-scp
  thor

BUNDLED WITH
   1.10.6
