PATH
  remote: .
  specs:
    Missile (0.1.0)
      net-scp
      thor

GEM
  remote: https://rubygems.org/
  specs:
    minitest (5.8.3)
    net-scp (1.2.1)
      net-ssh (>= 2.6.5)
    net-ssh (3.0.1)
    rake (10.4.2)
    thor (0.19.1)

PLATFORMS
  ruby

DEPENDENCIES
  Missile!
  bundler (~> 1.10)
  minitest
  rake (~> 10.0)

BUNDLED WITH
   1.10.6
